GEM
  remote: https://rubygems.org/
  specs:
    chronic (0.10.0)
    diff-lcs (1.2.4)
    faraday (0.8.8)
      multipart-post (~> 1.2.0)
    multi_json (1.7.9)
    multipart-post (1.2.0)
    mysql2 (0.3.13)
    niconico (1.2.0)
    proxies (0.2.1)
    rspec (2.14.1)
      rspec-core (~> 2.14.0)
      rspec-expectations (~> 2.14.0)
      rspec-mocks (~> 2.14.0)
    rspec-core (2.14.5)
    rspec-expectations (2.14.2)
      diff-lcs (>= 1.1.3, < 2.0)
    rspec-mocks (2.14.3)
    s3 (0.3.13)
      proxies (~> 0.2.0)
    simple_oauth (0.2.0)
    systemu (2.5.2)
    twitter (4.8.1)
      faraday (~> 0.8, < 0.10)
      multi_json (~> 1.0)
      simple_oauth (~> 0.2)

PLATFORMS
  ruby

DEPENDENCIES
  chronic
  mysql2
  niconico
  rspec
  s3
  systemu
  twitter
